GEM
  remote: https://rubygems.org/
  specs:
    activesupport (3.2.22)
      i18n (~> 0.6, >= 0.6.4)
      multi_json (~> 1.0)
    addressable (2.3.8)
    akami (1.3.1)
      gyoku (>= 0.4.0)
      nokogiri
    ast (2.0.0)
    astrolabe (1.3.1)
      parser (~> 2.2)
    berkshelf (2.0.18)
      activesupport (~> 3.2.0)
      addressable (~> 2.3.4)
      buff-shell_out (~> 0.1)
      chozo (>= 0.6.1)
      faraday (~> 0.8.5)
      hashie (~> 2.0)
      minitar (~> 0.5.4)
      rbzip2 (~> 0.2.0)
      retryable (~> 1.3.3)
      ridley (~> 1.7.0)
      solve (~> 0.8.2)
      thor (~> 0.18.0)
    buff-config (0.4.0)
      buff-extensions (~> 0.3)
      varia_model (~> 0.1)
    buff-extensions (0.5.0)
    buff-ignore (1.1.1)
    buff-ruby_engine (0.1.0)
    buff-shell_out (0.2.0)
      buff-ruby_engine (~> 0.1.0)
    builder (3.2.2)
    busser (0.7.1)
      thor (<= 0.19.0)
    busser-minitest (0.3.0)
      busser
    celluloid (0.17.0)
      bundler
      celluloid-essentials
      celluloid-extras
      celluloid-fsm
      celluloid-pool
      celluloid-supervision
      dotenv
      nenv
      rspec-logsplit (>= 0.1.2)
      timers (~> 4.0.0)
    celluloid-essentials (0.20.1)
      bundler
      dotenv
      nenv
      rspec-logsplit (>= 0.1.2)
      timers (~> 4.0.0)
    celluloid-extras (0.20.0)
      bundler
      dotenv
      nenv
      rspec-logsplit (>= 0.1.2)
      timers (~> 4.0.0)
    celluloid-fsm (0.20.0)
      bundler
      dotenv
      nenv
      rspec-logsplit (>= 0.1.2)
      timers (~> 4.0.0)
    celluloid-io (0.16.2)
      celluloid (>= 0.16.0)
      nio4r (>= 1.1.0)
    celluloid-pool (0.20.0)
      bundler
      dotenv
      nenv
      rspec-logsplit (>= 0.1.2)
      timers (~> 4.0.0)
    celluloid-supervision (0.20.0)
      bundler
      dotenv
      nenv
      rspec-logsplit (>= 0.1.2)
      timers (~> 4.0.0)
    chozo (0.6.1)
      activesupport (>= 3.2.0)
      hashie (>= 2.0.2)
      multi_json (>= 1.3.0)
    diff-lcs (1.2.5)
    dotenv (2.0.2)
    erubis (2.7.0)
    faraday (0.8.9)
      multipart-post (~> 1.2.0)
    ffi (1.9.10)
    foodcritic (4.0.0)
      erubis
      gherkin (~> 2.11)
      nokogiri (~> 1.5)
      rake
      rufus-lru (~> 1.0)
      treetop (~> 1.4)
      yajl-ruby (~> 1.1)
    gherkin (2.12.2)
      multi_json (~> 1.3)
    gssapi (1.0.3)
      ffi (>= 1.0.1)
    gyoku (1.3.1)
      builder (>= 2.1.2)
    hashie (2.1.2)
    hitimes (1.2.2)
    httpclient (2.6.0.1)
    httpi (0.9.7)
      rack
    i18n (0.7.0)
    json (1.8.3)
    kitchen-vagrant (0.18.0)
      test-kitchen (~> 1.4)
    little-plugger (1.1.3)
    logging (1.8.2)
      little-plugger (>= 1.1.3)
      multi_json (>= 1.8.4)
    mini_portile (0.6.2)
    minitar (0.5.4)
    minitest (5.3.5)
    mixlib-authentication (1.3.0)
      mixlib-log
    mixlib-log (1.6.0)
    mixlib-shellout (2.1.0)
    multi_json (1.11.2)
    multipart-post (1.2.0)
    nenv (0.2.0)
    net-http-persistent (2.9.4)
    net-scp (1.2.1)
      net-ssh (>= 2.6.5)
    net-ssh (2.9.2)
    net-telnet (0.1.1)
    nio4r (1.1.0)
    nokogiri (1.6.6.2)
      mini_portile (~> 0.6.0)
    nori (1.1.5)
    parser (2.2.2.6)
      ast (>= 1.1, < 3.0)
    polyglot (0.3.5)
    powerpack (0.1.1)
    rack (1.6.4)
    rainbow (2.0.0)
    rake (10.4.2)
    rbzip2 (0.2.0)
    retryable (1.3.6)
    ridley (1.7.1)
      addressable
      buff-config (~> 0.2)
      buff-extensions (~> 0.3)
      buff-ignore (~> 1.1)
      buff-shell_out (~> 0.1)
      celluloid (~> 0.15)
      celluloid-io (~> 0.15)
      erubis
      faraday (>= 0.8.4)
      hashie (>= 2.0.2)
      json (>= 1.7.7)
      mixlib-authentication (>= 1.3.0)
      net-http-persistent (>= 2.8)
      net-ssh
      retryable
      solve (>= 0.4.4)
      varia_model (~> 0.1)
      winrm (~> 1.1.0)
    rspec (3.3.0)
      rspec-core (~> 3.3.0)
      rspec-expectations (~> 3.3.0)
      rspec-mocks (~> 3.3.0)
    rspec-core (3.3.2)
      rspec-support (~> 3.3.0)
    rspec-expectations (3.3.1)
      diff-lcs (>= 1.2.0, < 2.0)
      rspec-support (~> 3.3.0)
    rspec-its (1.2.0)
      rspec-core (>= 3.0.0)
      rspec-expectations (>= 3.0.0)
    rspec-logsplit (0.1.3)
    rspec-mocks (3.3.2)
      diff-lcs (>= 1.2.0, < 2.0)
      rspec-support (~> 3.3.0)
    rspec-support (3.3.0)
    rubocop (0.32.1)
      astrolabe (~> 1.3)
      parser (>= 2.2.2.5, < 3.0)
      powerpack (~> 0.1)
      rainbow (>= 1.99.1, < 3.0)
      ruby-progressbar (~> 1.4)
    ruby-progressbar (1.7.5)
    rubyntlm (0.1.1)
    rufus-lru (1.0.5)
    safe_yaml (1.0.4)
    savon (0.9.5)
      akami (~> 1.0)
      builder (>= 2.1.2)
      gyoku (>= 0.4.0)
      httpi (~> 0.9)
      nokogiri (>= 1.4.0)
      nori (~> 1.0)
      wasabi (~> 1.0)
    serverspec (2.19.0)
      multi_json
      rspec (~> 3.0)
      rspec-its
      specinfra (~> 2.35)
    sfl (2.2)
    solve (0.8.2)
    specinfra (2.37.6)
      net-scp
      net-ssh (~> 2.7)
      net-telnet
      sfl
    test-kitchen (1.4.1)
      mixlib-shellout (>= 1.2, < 3.0)
      net-scp (~> 1.1)
      net-ssh (~> 2.7)
      safe_yaml (~> 1.0)
      thor (~> 0.18)
    thor (0.18.1)
    timers (4.0.1)
      hitimes
    treetop (1.6.3)
      polyglot (~> 0.3)
    uuidtools (2.1.5)
    varia_model (0.3.2)
      buff-extensions (~> 0.2)
      hashie (>= 2.0.2)
    wasabi (1.0.0)
      nokogiri (>= 1.4.0)
    winrm (1.1.3)
      gssapi (~> 1.0.0)
      httpclient (~> 2.2, >= 2.2.0.2)
      logging (~> 1.6, >= 1.6.1)
      nokogiri (~> 1.5)
      rubyntlm (~> 0.1.1)
      savon (= 0.9.5)
      uuidtools (~> 2.1.2)
    yajl-ruby (1.2.1)

PLATFORMS
  ruby

DEPENDENCIES
  berkshelf (~> 2.0.14)
  busser-minitest (>= 0.2.0)
  foodcritic
  kitchen-vagrant (>= 0.14.0)
  minitest (~> 5.3.2)
  rake
  rubocop
  serverspec
  test-kitchen (>= 1.2.1)
